GEM
  remote: https://rubygems.org/
  specs:
    activesupport (6.1.3.2)
      concurrent-ruby (~> 1.0, >= 1.0.2)
      i18n (>= 1.6, < 2)
      minitest (>= 5.1)
      tzinfo (~> 2.0)
      zeitwerk (~> 2.3)
    addressable (2.7.0)
      public_suffix (>= 2.0.2, < 5.0)
    byebug (11.1.3)
    coderay (1.1.3)
    concurrent-ruby (1.1.9)
    cookiejar (0.3.3)
    crack (0.4.5)
      rexml
    daemons (1.4.0)
    diff-lcs (1.4.4)
    em-hiredis (0.3.1)
      eventmachine (~> 1.0)
      hiredis (~> 0.6.0)
    em-http-request (1.1.7)
      addressable (>= 2.3.4)
      cookiejar (!= 0.3.1)
      em-socksify (>= 0.3)
      eventmachine (>= 1.0.3)
      http_parser.rb (>= 0.6.0)
    em-socksify (0.3.2)
      eventmachine (>= 1.0.0.beta.4)
    em-websocket (0.5.2)
      eventmachine (>= 0.12.9)
      http_parser.rb (~> 0.6.0)
    eventmachine (1.2.7)
    haml (5.2.1)
      temple (>= 0.8.0)
      tilt
    hashdiff (1.0.1)
    hiredis (0.6.3)
    http_parser.rb (0.6.0)
    httpclient (2.8.3)
    i18n (1.8.10)
      concurrent-ruby (~> 1.0)
    method_source (1.0.0)
    minitest (5.14.4)
    mocha (1.12.0)
    multi_json (1.15.0)
    mustermann (1.1.1)
      ruby2_keywords (~> 0.0.1)
    oj (3.11.6)
    pry (0.13.1)
      coderay (~> 1.1)
      method_source (~> 1.0)
    pry-byebug (3.9.0)
      byebug (~> 11.0)
      pry (~> 0.13.0)
    public_suffix (4.0.6)
    pusher (2.0.1)
      httpclient (~> 2.8)
      multi_json (~> 1.15)
      pusher-signature (~> 0.1.8)
    pusher-signature (0.1.8)
    rack (2.2.3)
    rack-fiber_pool (0.9.3)
    rack-protection (2.1.0)
      rack
    rake (13.0.3)
    rexml (3.2.5)
    rspec (3.10.0)
      rspec-core (~> 3.10.0)
      rspec-expectations (~> 3.10.0)
      rspec-mocks (~> 3.10.0)
    rspec-core (3.10.1)
      rspec-support (~> 3.10.0)
    rspec-expectations (3.10.1)
      diff-lcs (>= 1.2.0, < 2.0)
      rspec-support (~> 3.10.0)
    rspec-mocks (3.10.2)
      diff-lcs (>= 1.2.0, < 2.0)
      rspec-support (~> 3.10.0)
    rspec-support (3.10.2)
    ruby2_keywords (0.0.4)
    signature (0.1.8)
    sinatra (2.1.0)
      mustermann (~> 1.0)
      rack (~> 2.2)
      rack-protection (= 2.1.0)
      tilt (~> 2.0)
    temple (0.8.2)
    thin (1.8.1)
      daemons (~> 1.0, >= 1.0.9)
      eventmachine (~> 1.0, >= 1.0.4)
      rack (>= 1, < 3)
    tilt (2.0.10)
    timecop (0.9.4)
    tzinfo (2.0.4)
      concurrent-ruby (~> 1.0)
    webmock (3.13.0)
      addressable (>= 2.3.6)
      crack (>= 0.3.2)
      hashdiff (>= 0.4.0, < 2.0.0)
    zeitwerk (2.4.2)

PLATFORMS
  ruby

DEPENDENCIES
  activesupport (~> 6.1.3.2)
  bundler (~> 2.2.20)
  em-hiredis (~> 0.3.1)
  em-http-request (~> 1.1.7)
  em-websocket (~> 0.5.2)
  eventmachine (~> 1.2.7)
  haml (~> 5.2.1)
  mocha (~> 1.12.0)
  oj (~> 3.11.6)
  pry (~> 0.13.1)
  pry-byebug (~> 3.9.0)
  pusher (~> 2.0.1)
  rack (~> 2.2.3)
  rack-fiber_pool (~> 0.9.3)
  rake (~> 13.0.3)
  rspec (~> 3.10.0)
  signature (~> 0.1.8)
  sinatra (~> 2.1.0)
  thin (~> 1.8.1)
  timecop (~> 0.9.4)
  webmock (~> 3.13.0)

RUBY VERSION
   ruby 3.0.1p64

BUNDLED WITH
   2.2.20
